PATH
  remote: .
  specs:
    juan_pelota (2.0.0)
      sidekiq (~> 4.0)

GEM
  remote: https://rubygems.org/
  specs:
    chamber (2.8.0)
      hashie (~> 3.3)
      thor (~> 0.19.1)
    concurrent-ruby (1.0.0)
    connection_pool (2.2.0)
    diff-lcs (1.2.5)
    fuubar (2.0.0)
      rspec (~> 3.0)
      ruby-progressbar (~> 1.4)
    hashie (3.4.0)
    json (1.8.3)
    redis (3.2.2)
    rspec (3.2.0)
      rspec-core (~> 3.2.0)
      rspec-expectations (~> 3.2.0)
      rspec-mocks (~> 3.2.0)
    rspec-core (3.2.0)
      rspec-support (~> 3.2.0)
    rspec-expectations (3.2.0)
      diff-lcs (>= 1.2.0, < 2.0)
      rspec-support (~> 3.2.0)
    rspec-mocks (3.2.0)
      diff-lcs (>= 1.2.0, < 2.0)
      rspec-support (~> 3.2.0)
    rspec-support (3.2.1)
    rspectacular (0.58.0)
      fuubar (~> 2.0)
      rspec (~> 3.1)
    ruby-progressbar (1.7.1)
    sidekiq (4.0.1)
      concurrent-ruby (~> 1.0)
      connection_pool (~> 2.2, >= 2.2.0)
      json (~> 1.0)
      redis (~> 3.2, >= 3.2.1)
    thor (0.19.1)
    timecop (0.7.1)

PLATFORMS
  ruby

DEPENDENCIES
  chamber
  fuubar (~> 2.0)
  juan_pelota!
  rspec (~> 3.1)
  rspectacular (~> 0.58.0)
  timecop (~> 0.7.1)

BUNDLED WITH
   1.10.6
