PATH
  remote: .
  specs:
    juan_pelota (1.1.0)
      sidekiq (~> 3.0)

GEM
  remote: https://rubygems.org/
  specs:
    celluloid (0.16.0)
      timers (~> 4.0.0)
    chamber (2.8.0)
      hashie (~> 3.3)
      thor (~> 0.19.1)
    connection_pool (2.1.3)
    diff-lcs (1.2.5)
    fuubar (2.0.0)
      rspec (~> 3.0)
      ruby-progressbar (~> 1.4)
    hashie (3.4.0)
    hitimes (1.2.2)
    json (1.8.2)
    redis (3.2.1)
    redis-namespace (1.5.1)
      redis (~> 3.0, >= 3.0.4)
    rspec (3.2.0)
      rspec-core (~> 3.2.0)
      rspec-expectations (~> 3.2.0)
      rspec-mocks (~> 3.2.0)
    rspec-core (3.2.0)
      rspec-support (~> 3.2.0)
    rspec-expectations (3.2.0)
      diff-lcs (>= 1.2.0, < 2.0)
      rspec-support (~> 3.2.0)
    rspec-mocks (3.2.0)
      diff-lcs (>= 1.2.0, < 2.0)
      rspec-support (~> 3.2.0)
    rspec-support (3.2.1)
    rspectacular (0.58.0)
      fuubar (~> 2.0)
      rspec (~> 3.1)
    ruby-progressbar (1.7.1)
    sidekiq (3.3.3)
      celluloid (>= 0.16.0)
      connection_pool (>= 2.1.1)
      json
      redis (>= 3.0.6)
      redis-namespace (>= 1.3.1)
    thor (0.19.1)
    timecop (0.7.1)
    timers (4.0.1)
      hitimes

PLATFORMS
  ruby

DEPENDENCIES
  chamber
  fuubar (~> 2.0)
  juan_pelota!
  rspec (~> 3.1)
  rspectacular (~> 0.58.0)
  timecop (~> 0.7.1)
